PATH
  remote: .
  specs:
    zuora-ruby (0.0.1)

GEM
  remote: http://rubygems.org/
  specs:
    diff-lcs (1.1.3)
    httpclient (2.2.7)
    metaclass (0.0.1)
    mocha (0.12.4)
      metaclass (~> 0.0.1)
    rspec-core (2.11.1)
    rspec-expectations (2.11.3)
      diff-lcs (~> 1.1.3)
    soap4r (1.5.8)
      httpclient (>= 2.1.1)

PLATFORMS
  ruby

DEPENDENCIES
  mocha
  rspec-core
  rspec-expectations
  soap4r
  zuora-ruby!
