PATH
  remote: .
  specs:
    zuora-ruby (0.0.1)

GEM
  remote: http://rubygems.org/
  specs:
    activesupport (3.2.8)
      i18n (~> 0.6)
      multi_json (~> 1.0)
    columnize (0.3.6)
    diff-lcs (1.1.3)
    fakeweb (1.3.0)
    httpclient (2.2.7)
    i18n (0.6.1)
    linecache (0.46)
      rbx-require-relative (> 0.0.4)
    metaclass (0.0.1)
    mocha (0.12.4)
      metaclass (~> 0.0.1)
    multi_json (1.3.6)
    rbx-require-relative (0.0.9)
    rspec-core (2.11.1)
    rspec-expectations (2.11.3)
      diff-lcs (~> 1.1.3)
    ruby-debug (0.10.4)
      columnize (>= 0.1)
      ruby-debug-base (~> 0.10.4.0)
    ruby-debug-base (0.10.4)
      linecache (>= 0.3)
    soap4r (1.5.8)
      httpclient (>= 2.1.1)

PLATFORMS
  ruby

DEPENDENCIES
  activesupport
  fakeweb
  mocha
  rspec-core
  rspec-expectations
  ruby-debug
  soap4r
  zuora-ruby!
